GEM
  remote: https://rubygems.org/
  specs:
    webrick (1.8.1)

PLATFORMS
  x86_64-linux

DEPENDENCIES
  bundler (~> 2.5, >= 2.5.6)
  webrick (~> 1.8, >= 1.8.1)

BUNDLED WITH
   2.5.6
