GEM
  remote: https://rubygems.org/
  specs:

PLATFORMS
  x64-mingw-ucrt

DEPENDENCIES
  bundler (~> 2.5, >= 2.5.6)

BUNDLED WITH
   2.5.6
