GEM
  remote: https://rubygems.org/
  specs:
    activemodel (7.1.3.2)
      activesupport (= 7.1.3.2)
    activerecord (7.1.3.2)
      activemodel (= 7.1.3.2)
      activesupport (= 7.1.3.2)
      timeout (>= 0.4.0)
    activesupport (7.1.3.2)
      base64
      bigdecimal
      concurrent-ruby (~> 1.0, >= 1.0.2)
      connection_pool (>= 2.2.5)
      drb
      i18n (>= 1.6, < 2)
      minitest (>= 5.1)
      mutex_m
      tzinfo (~> 2.0)
    base64 (0.2.0)
    bigdecimal (3.1.7)
    byebug (11.1.3)
    cgi (0.4.1)
    concurrent-ruby (1.2.3)
    connection_pool (2.4.1)
    drb (2.2.1)
    erb (4.0.4)
      cgi (>= 0.3.3)
    i18n (1.14.4)
      concurrent-ruby (~> 1.0)
    minitest (5.22.3)
    mutex_m (0.2.0)
    mysql2 (0.5.6)
    rack (3.0.10)
    rake (13.1.0)
    timeout (0.4.1)
    tzinfo (2.0.6)
      concurrent-ruby (~> 1.0)
    webrick (1.8.1)

PLATFORMS
  x86_64-linux

DEPENDENCIES
  activerecord (~> 7.1.3.2)
  bundler (~> 2.5, >= 2.5.6)
  byebug
  cgi (~> 0.4.1)
  erb (~> 4.0, >= 4.0.4)
  mysql2 (~> 0.5.6)
  rack (~> 3.0, >= 3.0.10)
  rake (~> 13.1)
  webrick (~> 1.8, >= 1.8.1)

BUNDLED WITH
   2.5.6
