GEM
  remote: https://rubygems.org/
  specs:
    byebug (11.1.3)
    cgi (0.4.1)
    erb (4.0.4)
      cgi (>= 0.3.3)
    mysql2 (0.5.6)
    webrick (1.8.1)

PLATFORMS
  x86_64-linux

DEPENDENCIES
  bundler (~> 2.5, >= 2.5.6)
  byebug
  cgi (~> 0.4.1)
  erb (~> 4.0, >= 4.0.4)
  mysql2 (~> 0.5.6)
  webrick (~> 1.8, >= 1.8.1)

BUNDLED WITH
   2.5.6
